GEM
  remote: https://rubygems.org/
  specs:
    coderay (1.1.0)
    method_source (0.8.2)
    pry (0.9.12.3)
      coderay (~> 1.0)
      method_source (~> 0.8)
      slop (~> 3.4)
    rb-libsvm (1.1.3)
    ruby-ole (1.2.11.7)
    slop (3.4.6)
    spreadsheet (0.9.4)
      ruby-ole (>= 1.0)

PLATFORMS
  ruby

DEPENDENCIES
  pry
  rb-libsvm
  spreadsheet
